GEM
  remote: https://rubygems.org/
  specs:
    RedCloth (4.2.9)
    activesupport (3.2.11)
      i18n (~> 0.6)
      multi_json (~> 1.0)
    any_view (0.2.3)
      tilt (>= 1)
    chunky_png (1.2.7)
    coffee-script (2.2.0)
      coffee-script-source
      execjs
    coffee-script-source (1.4.0)
    colorize (0.5.8)
    commonjs (0.2.6)
    compass (0.12.2)
      chunky_png (~> 1.2)
      fssm (>= 0.2.7)
      sass (~> 3.1)
    daemons (1.1.9)
    dragonfly (0.9.12)
      rack
    eventmachine (1.0.0)
    execjs (1.4.0)
      multi_json (~> 1.0)
    extlib (0.9.16)
    faker (0.9.5)
      i18n (~> 0.4)
    fssm (0.2.10)
    haml (3.2.0.rc.2)
      tilt
    hashie (1.2.0)
    httmultiparty (0.3.8)
      httparty (>= 0.7.3)
      multipart-post
    http_router (0.2.5)
      rack (>= 1.0)
      url_mount (>= 0.2.1)
    httparty (0.10.2)
      multi_json (~> 1.0)
      multi_xml (>= 0.5.2)
    i18n (0.6.1)
    json (1.6.7)
    less (2.2.2)
      commonjs (~> 0.2.6)
    libv8 (3.3.10.4)
    listen (0.7.2)
    locomotive_liquid (2.4.2)
    locomotivecms_builder (1.0.0.alpha4)
      RedCloth (~> 4.2.9)
      dragonfly (~> 0.9.12)
      faker (~> 0.9.5)
      httmultiparty (~> 0.3.8)
      listen (~> 0.7.0)
      locomotive_liquid (~> 2.4.1)
      locomotivecms_mounter (= 1.0.0.alpha2)
      rack-cache (~> 1.1)
      rack-rescue (~> 0.1.2)
      rmagick (= 2.12.2)
      thin
      thor
      will_paginate (~> 3.0.3)
    locomotivecms_mounter (1.0.0.alpha2)
      RedCloth (~> 4.2.3)
      activesupport (~> 3.2.5)
      coffee-script (~> 2.2.0)
      colorize (~> 0.5.8)
      compass (~> 0.12.1)
      haml (= 3.2.0.rc.2)
      httmultiparty (~> 0.3.8)
      i18n (~> 0.6.0)
      json (~> 1.6.5)
      less (~> 2.2.1)
      logger
      mime-types (~> 1.19)
      multi_json (~> 1.2.0)
      sass (~> 3.2.1)
      stringex (~> 1.4.0)
      therubyracer (~> 0.10.2)
      tilt (= 1.3.3)
      zip (~> 2.0.2)
    logger (1.2.8)
    mime-types (1.19)
    multi_json (1.2.0)
    multi_xml (0.5.2)
    multipart-post (1.1.5)
    pancake (0.3.0)
      activesupport (>= 3.0.0.beta4)
      any_view (>= 0.2.3)
      http_router (= 0.2.5)
      json
      rack (~> 1.1)
      rack-accept-media-types
      rack-test
      thor
      wrapt
    rack (1.5.1)
    rack-accept-media-types (0.9)
    rack-cache (1.2)
      rack (>= 0.4)
    rack-rescue (0.1.2)
      any_view (>= 0.2)
      extlib
      hashie
      pancake (~> 0.3)
      rack
      rake
      tilt (>= 0.10)
    rack-test (0.6.2)
      rack (>= 1.0)
    rake (10.0.3)
    rb-fsevent (0.9.3)
    rmagick (2.12.2)
    sass (3.2.5)
    stringex (1.4.0)
    therubyracer (0.10.2)
      libv8 (~> 3.3.10)
    thin (1.5.0)
      daemons (>= 1.0.9)
      eventmachine (>= 0.12.6)
      rack (>= 1.0.0)
    thor (0.17.0)
    tilt (1.3.3)
    url_mount (0.2.1)
      rack
    will_paginate (3.0.4)
    wrapt (0.1.7)
      hashie
      tilt
    zip (2.0.2)

PLATFORMS
  ruby

DEPENDENCIES
  locomotivecms_builder (~> 1.0.0.alpha4)
  rb-fsevent (~> 0.9.1)
